PATH
  remote: .
  specs:
    edidog (0.1.0)
      thor

GEM
  remote: https://rubygems.org/
  specs:
    dogapi (1.28.0)
      multi_json
    multi_json (1.12.2)
    rake (10.5.0)
    thor (0.20.0)

PLATFORMS
  ruby

DEPENDENCIES
  bundler (~> 1.15)
  dogapi
  edidog!
  rake (~> 10.0)

BUNDLED WITH
   1.15.4
